PATH
  remote: .
  specs:
    lab42_data_class (0.9.2)

GEM
  remote: https://rubygems.org/
  specs:
    ast (2.4.3)
    coderay (1.1.3)
    date (3.4.1)
    debug (1.10.0)
      irb (~> 1.10)
      reline (>= 0.3.8)
    diff-lcs (1.6.2)
    docile (1.4.1)
    erb (5.0.1)
    io-console (0.8.0)
    irb (1.15.2)
      pp (>= 0.6.0)
      rdoc (>= 4.0.0)
      reline (>= 0.4.2)
    method_source (1.1.0)
    parallel (1.27.0)
    parser (3.3.8.0)
      ast (~> 2.4.1)
      racc
    pp (0.6.2)
      prettyprint
    prettyprint (0.2.0)
    prism (1.4.0)
    pry (0.15.2)
      coderay (~> 1.1)
      method_source (~> 1.0)
    pry-doc (1.6.0)
      pry (~> 0.11)
      yard (~> 0.9.11)
    psych (5.2.6)
      date
      stringio
    racc (1.8.1)
    rainbow (3.1.1)
    rdoc (6.14.0)
      erb
      psych (>= 4.0.0)
    regexp_parser (2.10.0)
    reline (0.6.1)
      io-console (~> 0.5)
    rexml (3.4.1)
    rspec (3.10.0)
      rspec-core (~> 3.10.0)
      rspec-expectations (~> 3.10.0)
      rspec-mocks (~> 3.10.0)
    rspec-core (3.10.2)
      rspec-support (~> 3.10.0)
    rspec-expectations (3.10.2)
      diff-lcs (>= 1.2.0, < 2.0)
      rspec-support (~> 3.10.0)
    rspec-mocks (3.10.3)
      diff-lcs (>= 1.2.0, < 2.0)
      rspec-support (~> 3.10.0)
    rspec-support (3.10.3)
    rubocop (1.25.1)
      parallel (~> 1.10)
      parser (>= 3.1.0.0)
      rainbow (>= 2.2.2, < 4.0)
      regexp_parser (>= 1.8, < 3.0)
      rexml
      rubocop-ast (>= 1.15.1, < 2.0)
      ruby-progressbar (~> 1.7)
      unicode-display_width (>= 1.4.0, < 3.0)
    rubocop-ast (1.44.1)
      parser (>= 3.3.7.2)
      prism (~> 1.4)
    ruby-progressbar (1.13.0)
    simplecov (0.22.0)
      docile (~> 1.1)
      simplecov-html (~> 0.11)
      simplecov_json_formatter (~> 0.1)
    simplecov-html (0.13.1)
    simplecov-lcov (0.8.0)
    simplecov_json_formatter (0.1.4)
    speculate_about (1.0.6)
    stringio (3.1.7)
    unicode-display_width (2.6.0)
    yard (0.9.37)

PLATFORMS
  arm64-darwin-24
  ruby

DEPENDENCIES
  debug
  lab42_data_class!
  pry-doc
  rspec (~> 3.10.0)
  rspec-core (~> 3.10.0)
  rubocop (~> 1.25.0)
  simplecov
  simplecov-lcov (~> 0.8.0)
  speculate_about (~> 1.0.2)

BUNDLED WITH
   2.6.9
